GIT
  remote: git://github.com/johm/ri_cal
  revision: 1a40f16a666f5995ad02bcf97502687104aa282e
  specs:
    ri_cal (0.8.8)

GIT
  remote: https://github.com/stripe/stripe-ruby
  revision: 7a0ead3fac5dd3c823b6b120028c9e3842485d72
  specs:
    stripe (1.27.0)
      json (~> 1.8.1)
      rest-client (~> 1.4)

GEM
  remote: https://rubygems.org/
  specs:
    actionmailer (4.2.0)
      actionpack (= 4.2.0)
      actionview (= 4.2.0)
      activejob (= 4.2.0)
      mail (~> 2.5, >= 2.5.4)
      rails-dom-testing (~> 1.0, >= 1.0.5)
    actionpack (4.2.0)
      actionview (= 4.2.0)
      activesupport (= 4.2.0)
      rack (~> 1.6.0)
      rack-test (~> 0.6.2)
      rails-dom-testing (~> 1.0, >= 1.0.5)
      rails-html-sanitizer (~> 1.0, >= 1.0.1)
    actionview (4.2.0)
      activesupport (= 4.2.0)
      builder (~> 3.1)
      erubis (~> 2.7.0)
      rails-dom-testing (~> 1.0, >= 1.0.5)
      rails-html-sanitizer (~> 1.0, >= 1.0.1)
    activejob (4.2.0)
      activesupport (= 4.2.0)
      globalid (>= 0.3.0)
    activemodel (4.2.0)
      activesupport (= 4.2.0)
      builder (~> 3.1)
    activerecord (4.2.0)
      activemodel (= 4.2.0)
      activesupport (= 4.2.0)
      arel (~> 6.0)
    activesupport (4.2.0)
      i18n (~> 0.7)
      json (~> 1.7, >= 1.7.7)
      minitest (~> 5.1)
      thread_safe (~> 0.3, >= 0.3.4)
      tzinfo (~> 1.1)
    addressable (2.3.8)
    arel (6.0.3)
    bcrypt (3.1.10)
    best_in_place (3.0.3)
      actionpack (>= 3.2)
      railties (>= 3.2)
    better_errors (2.1.1)
      coderay (>= 1.0.0)
      erubis (>= 2.6.6)
      rack (>= 0.9.0)
    binding_of_caller (0.7.2)
      debug_inspector (>= 0.0.1)
    bootstrap-sass (3.2.0.2)
      sass (~> 3.2)
    bootstrap-switch-rails (0.1.1)
    builder (3.2.2)
    byebug (6.0.2)
    carrierwave (0.10.0)
      activemodel (>= 3.2.0)
      activesupport (>= 3.2.0)
      json (>= 1.7)
      mime-types (>= 1.16)
    ckeditor (4.0.2)
      mime-types
      orm_adapter
    coderay (1.1.0)
    coffee-rails (4.1.0)
      coffee-script (>= 2.2.0)
      railties (>= 4.0.0, < 5.0)
    coffee-script (2.4.1)
      coffee-script-source
      execjs
    coffee-script-source (1.9.1.1)
    daemons (1.2.3)
    database_cleaner (1.5.0)
    debug_inspector (0.0.2)
    default_value_for (3.0.1)
      activerecord (>= 3.2.0, < 5.0)
    devise (3.5.2)
      bcrypt (~> 3.0)
      orm_adapter (~> 0.1)
      railties (>= 3.2.6, < 5)
      responders
      thread_safe (~> 0.1)
      warden (~> 1.2.3)
    diff-lcs (1.2.5)
    domain_name (0.5.24)
      unf (>= 0.0.5, < 1.0.0)
    email_spec (1.6.0)
      launchy (~> 2.1)
      mail (~> 2.2)
    erubis (2.7.0)
    eventmachine (1.0.8)
    execjs (2.6.0)
    figaro (1.1.1)
      thor (~> 0.14)
    fontsquirrel-download (1.1.1)
      rails (>= 3.1)
      rubyzip
      rubyzip (>= 1.0)
    formtastic (3.1.3)
      actionpack (>= 3.2.13)
    friendly_id (4.0.9)
    globalid (0.3.6)
      activesupport (>= 4.1.0)
    googlebooks (0.0.9)
      httparty
    haml (4.0.7)
      tilt
    hash-deep-merge (0.1.1)
    highline (1.7.6)
    http-cookie (1.0.2)
      domain_name (~> 0.5)
    httparty (0.13.5)
      json (~> 1.8)
      multi_xml (>= 0.5.2)
    i18n (0.7.0)
    jquery-datetimepicker-rails (2.4.1.0)
    jquery-rails (4.0.5)
      rails-dom-testing (~> 1.0)
      railties (>= 4.2.0)
      thor (>= 0.14, < 2.0)
    jquery-ui-rails (5.0.5)
      railties (>= 3.2.16)
    json (1.8.3)
    kaminari (0.16.3)
      actionpack (>= 3.0.0)
      activesupport (>= 3.0.0)
    launchy (2.4.3)
      addressable (~> 2.3)
    lazy_high_charts (1.5.4)
      bundler (>= 1.0)
      hash-deep-merge
    libv8 (3.16.14.11)
    lisbn (0.2.2)
      nokogiri
      nori (~> 2.0)
    lol_dba (2.0.0)
      actionpack (>= 3.0, < 5.0)
      activerecord (>= 3.0, < 5.0)
      railties (>= 3.0, < 5.0)
    loofah (2.0.3)
      nokogiri (>= 1.5.9)
    machinist (2.0)
    mail (2.6.3)
      mime-types (>= 1.16, < 3)
    mediaelement_rails (0.8.2)
      jquery-rails (>= 1.0)
      railties (>= 3.1)
    mime-types (2.6.2)
    mini_magick (4.3.3)
    mini_portile (0.6.2)
    minitest (5.8.0)
    monetize (1.1.0)
      money (~> 6.5.0)
    money (6.5.1)
      i18n (>= 0.6.4, <= 0.7.0)
    money-rails (1.4.1)
      activesupport (>= 3.0)
      monetize (~> 1.1.0)
      money (~> 6.5.0)
      railties (>= 3.0)
    multi_xml (0.5.5)
    mysql2 (0.3.20)
    nested_form (0.3.2)
    netrc (0.10.3)
    nokogiri (1.6.6.2)
      mini_portile (~> 0.6.0)
    nori (2.6.0)
    options (2.3.2)
    orm_adapter (0.5.0)
    polyamorous (1.2.0)
      activerecord (>= 3.0)
    pr_geohash (1.0.0)
    progress_bar (1.0.5)
      highline (~> 1.6)
      options (~> 2.3.0)
    quiet_assets (1.1.0)
      railties (>= 3.1, < 5.0)
    rack (1.6.4)
    rack-test (0.6.3)
      rack (>= 1.0)
    rails (4.2.0)
      actionmailer (= 4.2.0)
      actionpack (= 4.2.0)
      actionview (= 4.2.0)
      activejob (= 4.2.0)
      activemodel (= 4.2.0)
      activerecord (= 4.2.0)
      activesupport (= 4.2.0)
      bundler (>= 1.3.0, < 2.0)
      railties (= 4.2.0)
      sprockets-rails
    rails-deprecated_sanitizer (1.0.3)
      activesupport (>= 4.2.0.alpha)
    rails-dom-testing (1.0.7)
      activesupport (>= 4.2.0.beta, < 5.0)
      nokogiri (~> 1.6.0)
      rails-deprecated_sanitizer (>= 1.0.1)
    rails-html-sanitizer (1.0.2)
      loofah (~> 2.0)
    rails3-jquery-autocomplete (1.0.15)
      rails (>= 3.2)
    railties (4.2.0)
      actionpack (= 4.2.0)
      activesupport (= 4.2.0)
      rake (>= 0.8.7)
      thor (>= 0.18.1, < 2.0)
    rake (10.4.2)
    ransack (1.7.0)
      actionpack (>= 3.0)
      activerecord (>= 3.0)
      activesupport (>= 3.0)
      i18n
      polyamorous (~> 1.2)
    ref (2.0.0)
    responders (2.1.0)
      railties (>= 4.2.0, < 5)
    rest-client (1.8.0)
      http-cookie (>= 1.0.2, < 2.0)
      mime-types (>= 1.16, < 3.0)
      netrc (~> 0.7)
    rmagick (2.15.4)
    rolify (4.1.1)
    rsolr (1.0.12)
      builder (>= 2.1.2)
    rspec-core (3.3.2)
      rspec-support (~> 3.3.0)
    rspec-expectations (3.3.1)
      diff-lcs (>= 1.2.0, < 2.0)
      rspec-support (~> 3.3.0)
    rspec-mocks (3.3.2)
      diff-lcs (>= 1.2.0, < 2.0)
      rspec-support (~> 3.3.0)
    rspec-rails (3.3.3)
      actionpack (>= 3.0, < 4.3)
      activesupport (>= 3.0, < 4.3)
      railties (>= 3.0, < 4.3)
      rspec-core (~> 3.3.0)
      rspec-expectations (~> 3.3.0)
      rspec-mocks (~> 3.3.0)
      rspec-support (~> 3.3.0)
    rspec-support (3.3.0)
    rubyzip (1.1.7)
    sass (3.4.18)
    sass-rails (5.0.4)
      railties (>= 4.0.0, < 5.0)
      sass (~> 3.1)
      sprockets (>= 2.8, < 4.0)
      sprockets-rails (>= 2.0, < 4.0)
      tilt (>= 1.1, < 3)
    sequel (4.26.0)
    simple_calendar (2.0.1)
      rails (>= 3.0)
    sprockets (3.3.4)
      rack (~> 1.0)
    sprockets-rails (2.3.3)
      actionpack (>= 3.0)
      activesupport (>= 3.0)
      sprockets (>= 2.8, < 4.0)
    sqlite3 (1.3.10)
    sqlite3-ruby (1.3.3)
      sqlite3 (>= 1.3.3)
    sunspot (2.2.0)
      pr_geohash (~> 1.0)
      rsolr (~> 1.0.7)
    sunspot_rails (2.2.0)
      nokogiri
      rails (>= 3)
      sunspot (= 2.2.0)
    sunspot_solr (2.2.0)
    sunspot_with_kaminari (0.2.0)
      kaminari (>= 0.14.0)
      sunspot
      sunspot_rails
    therubyracer (0.12.2)
      libv8 (~> 3.16.14.0)
      ref
    thin (1.6.4)
      daemons (~> 1.0, >= 1.0.9)
      eventmachine (~> 1.0, >= 1.0.4)
      rack (~> 1.0)
    thor (0.19.1)
    thread_safe (0.3.5)
    tilt (2.0.1)
    tzinfo (1.2.2)
      thread_safe (~> 0.1)
    uglifier (2.7.2)
      execjs (>= 0.3.0)
      json (>= 1.8.0)
    unf (0.1.4)
      unf_ext
    unf_ext (0.0.7.1)
    warden (1.2.3)
      rack (>= 1.0)

PLATFORMS
  ruby

DEPENDENCIES
  addressable
  best_in_place
  better_errors (>= 0.7.2)
  binding_of_caller (>= 0.7.1)
  bootstrap-sass (~> 3.2.0)
  bootstrap-switch-rails (= 0.1.1)
  byebug
  carrierwave
  ckeditor (= 4.0.2)
  coffee-rails
  database_cleaner (>= 1.0.0.RC1)
  default_value_for
  devise (>= 2.2.3)
  email_spec (>= 1.4.0)
  figaro (>= 0.6.3)
  fontsquirrel-download
  formtastic (~> 3.1.3)
  friendly_id (= 4.0.9)
  googlebooks
  haml
  jquery-datetimepicker-rails
  jquery-rails
  jquery-ui-rails
  kaminari
  lazy_high_charts
  libv8 (>= 3.11.8)
  lisbn
  lol_dba
  machinist (>= 2.0)
  mediaelement_rails
  mini_magick
  money-rails
  mysql2 (~> 0.3.20)
  nested_form
  progress_bar
  quiet_assets (>= 1.0.2)
  rails (= 4.2.0)
  rails3-jquery-autocomplete
  ransack
  ri_cal!
  rmagick
  rolify (>= 3.2.0)
  rspec-rails (>= 2.12.2)
  sass-rails
  sequel
  simple_calendar
  sqlite3-ruby (~> 1.3.0)
  stripe!
  sunspot_rails
  sunspot_solr
  sunspot_with_kaminari
  therubyracer (>= 0.11.3)
  thin (>= 1.5.0)
  uglifier (>= 1.0.3)

BUNDLED WITH
   1.10.6
